GEM
  specs:

PLATFORMS
  aarch64-linux
  ruby
  x86_64-linux

DEPENDENCIES

BUNDLED WITH
   2.7.1
